GEM
  remote: https://rubygems.org/
  specs:
    awesome_print (1.6.1)
    coderay (1.1.0)
    curb (0.8.6)
    interception (0.5)
    method_source (0.8.2)
    mini_portile (0.6.2)
    nokogiri (1.6.6.2)
      mini_portile (~> 0.6.0)
    pry (0.10.1)
      coderay (~> 1.1.0)
      method_source (~> 0.8.1)
      slop (~> 3.4)
    pry-rescue (1.4.1)
      interception (>= 0.5)
      pry
    slop (3.6.0)
    writeexcel (1.0.5)

PLATFORMS
  ruby

DEPENDENCIES
  awesome_print
  curb
  nokogiri
  pry
  pry-rescue
  writeexcel
